GIT
  remote: git://github.com/infinitered/whitepotion.git
  revision: 10b2f4b4324242867cb6ce7bcc9337dd49e1748c
  specs:
    whitepotion (0.0.4)
      MotionLocalize
      cdq
      motion_print
      rake

GEM
  remote: https://rubygems.org/
  specs:
    MotionLocalize (0.0.3)
    activesupport (4.2.5)
      i18n (~> 0.7)
      json (~> 1.7, >= 1.7.7)
      minitest (~> 5.1)
      thread_safe (~> 0.3, >= 0.3.4)
      tzinfo (~> 1.1)
    builder (3.2.2)
    cdq (1.0.8)
      motion-yaml (= 1.4)
      ruby-xcdm (>= 0.0.9)
    i18n (0.7.0)
    json (1.8.3)
    minitest (5.8.3)
    motion-require (0.2.0)
    motion-support (0.3.0)
      motion-require (>= 0.0.6)
    motion-yaml (1.4)
    motion_print (1.2.0)
    plist (3.1.0)
    rake (10.4.2)
    ruby-xcdm (0.0.9)
      activesupport (~> 4.1)
      builder (~> 3.2)
      plist (~> 3.1)
    thread_safe (0.3.5)
    tzinfo (1.2.2)
      thread_safe (~> 0.1)

PLATFORMS
  ruby

DEPENDENCIES
  motion-support
  rake
  whitepotion!

BUNDLED WITH
   1.10.6
